GEM
  remote: http://rubygems.org/
  specs:
    faraday (0.8.4)
      multipart-post (~> 1.1)
    i18n (0.6.1)
    mail (2.4.4)
      i18n (>= 0.4.0)
      mime-types (~> 1.16)
      treetop (~> 1.4.8)
    mime-types (1.19)
    multi_json (1.3.6)
    multipart-post (1.1.5)
    oj (1.3.4)
    polyglot (0.3.3)
    simple_oauth (0.1.9)
    system_timer (1.2.4)
    treetop (1.4.10)
      polyglot
      polyglot (>= 0.3.1)
    twitter (3.7.0)
      faraday (~> 0.8)
      multi_json (~> 1.3)
      simple_oauth (~> 0.1.6)

PLATFORMS
  ruby

DEPENDENCIES
  mail
  oj (~> 1.3.4)
  system_timer
  twitter
